GIT
  remote: https://github.com/nightsailer/padrino-sprockets.git
  revision: c15b4a7877a412f8d4ffff6201b93b0227617b66
  specs:
    padrino-sprockets (0.0.1)
      sprockets

GEM
  remote: https://rubygems.org/
  specs:
    backports (3.0.3)
    coffee-script (2.2.0)
      coffee-script-source
      execjs
    coffee-script-source (1.5.0)
    eventmachine (1.0.1)
    execjs (1.4.0)
      multi_json (~> 1.0)
    hike (1.2.1)
    machiawase (0.4.0)
      nokogiri
    multi_json (1.6.1)
    nokogiri (1.5.6)
    rack (1.5.2)
    rack-protection (1.4.0)
      rack
    rack-test (0.6.2)
      rack (>= 1.0)
    sass (3.2.6)
    sinatra (1.3.5)
      rack (~> 1.4)
      rack-protection (~> 1.3)
      tilt (~> 1.3, >= 1.3.3)
    sinatra-contrib (1.3.2)
      backports (>= 2.0)
      eventmachine
      rack-protection
      rack-test
      sinatra (~> 1.3.0)
      tilt (~> 1.3)
    slim (1.3.6)
      temple (~> 0.5.5)
      tilt (~> 1.3.3)
    sprockets (2.9.0)
      hike (~> 1.2)
      multi_json (~> 1.0)
      rack (~> 1.0)
      tilt (~> 1.1, != 1.3.0)
    temple (0.5.5)
    tilt (1.3.4)

PLATFORMS
  ruby

DEPENDENCIES
  coffee-script
  machiawase
  padrino-sprockets!
  sass
  sinatra
  sinatra-contrib
  slim
